GEM
  remote: https://rubygems.org/
  specs:
    ruby2d (0.9.5)

PLATFORMS
  x86_64-linux

DEPENDENCIES
  ruby2d (~> 0.9.2)

BUNDLED WITH
   2.3.24
